GEM
  remote: https://rubygems.org/
  specs:
    ffi (1.9.3)
    ffi-geos (1.0.0)
      ffi (>= 1.0.0)
    rgeo (0.3.20)

PLATFORMS
  ruby

DEPENDENCIES
  ffi-geos
  rgeo
